GEM
  remote: http://rubygems.org/
  specs:
    columnize (0.3.2)
    hpricot (0.8.4)
    json (1.5.2)
    linecache (0.43)
    nokogiri (1.4.4)
    ruby-debug (0.10.4)
      columnize (>= 0.1)
      ruby-debug-base (~> 0.10.4.0)
    ruby-debug-base (0.10.4)
      linecache (>= 0.3)
    xml-simple (1.0.15)
    xmpp4r (0.5)
    xmpp4r-simple (0.8.8)
      xmpp4r (>= 0.3.2)

PLATFORMS
  ruby

DEPENDENCIES
  hpricot
  json
  nokogiri
  ruby-debug
  xml-simple
  xmpp4r-simple
